PATH
  remote: .
  specs:
    standard_http_status (0.1.0)

GEM
  remote: https://rubygems.org/
  specs:
    builder (3.3.0)
    diff-lcs (1.5.1)
    gyoku (1.4.0)
      builder (>= 2.1.2)
      rexml (~> 3.0)
    json (2.7.2)
    rake (13.2.1)
    rexml (3.3.1)
      strscan
    rspec (3.13.0)
      rspec-core (~> 3.13.0)
      rspec-expectations (~> 3.13.0)
      rspec-mocks (~> 3.13.0)
    rspec-core (3.13.0)
      rspec-support (~> 3.13.0)
    rspec-expectations (3.13.1)
      diff-lcs (>= 1.2.0, < 2.0)
      rspec-support (~> 3.13.0)
    rspec-mocks (3.13.1)
      diff-lcs (>= 1.2.0, < 2.0)
      rspec-support (~> 3.13.0)
    rspec-support (3.13.1)
    strscan (3.1.0)

PLATFORMS
  x86_64-linux

DEPENDENCIES
  bundler (>= 1.17)
  gyoku
  json
  rake (>= 10.0)
  rspec (>= 3.0)
  standard_http_status!

BUNDLED WITH
   2.2.16
